GEM
  remote: https://rubygems.org/
  specs:
    coderay (1.1.2)
    method_source (0.9.2)
    pry (0.12.2)
      coderay (~> 1.1.0)
      method_source (~> 0.9.0)
    rack (3.0.7)
    roda (3.27.0)
      rack

PLATFORMS
  ruby

DEPENDENCIES
  pry
  roda

RUBY VERSION
   ruby 2.7.0p0

BUNDLED WITH
   2.1.2
