GEM
  remote: https://rubygems.org/
  specs:
    coderay (1.1.2)
    method_source (0.9.2)
    pry (0.12.2)
      coderay (~> 1.1.0)
      method_source (~> 0.9.0)
    rack (2.2.3)
    roda (3.27.0)
      rack

PLATFORMS
  ruby

DEPENDENCIES
  pry
  roda

BUNDLED WITH
   2.1.2
